GEM
  remote: https://rubygems.org/
  specs:
    hunspell (1.0.0)

PLATFORMS
  ruby

DEPENDENCIES
  hunspell

BUNDLED WITH
   1.15.4
